PATH
  remote: .
  specs:
    enclose-io-compiler (0.7.0)

GEM
  remote: https://rubygems.org/
  specs:
    codecov (0.1.6)
      json
      simplecov
      url
    coderay (1.1.1)
    diff-lcs (1.2.5)
    docile (1.1.5)
    json (2.0.2)
    method_source (0.8.2)
    pry (0.10.4)
      coderay (~> 1.1.0)
      method_source (~> 0.8.1)
      slop (~> 3.4)
    rake (11.3.0)
    rspec (3.5.0)
      rspec-core (~> 3.5.0)
      rspec-expectations (~> 3.5.0)
      rspec-mocks (~> 3.5.0)
    rspec-core (3.5.4)
      rspec-support (~> 3.5.0)
    rspec-expectations (3.5.0)
      diff-lcs (>= 1.2.0, < 2.0)
      rspec-support (~> 3.5.0)
    rspec-mocks (3.5.0)
      diff-lcs (>= 1.2.0, < 2.0)
      rspec-support (~> 3.5.0)
    rspec-support (3.5.0)
    simplecov (0.12.0)
      docile (~> 1.1.0)
      json (>= 1.8, < 3)
      simplecov-html (~> 0.10.0)
    simplecov-html (0.10.0)
    slop (3.6.0)
    url (0.3.2)

PLATFORMS
  ruby
  x64-mingw32

DEPENDENCIES
  bundler (>= 1.13.3)
  codecov (>= 0.1.6)
  enclose-io-compiler!
  pry (>= 0.10.4)
  rake (>= 11.3.0)
  rspec (>= 3.5.0)

BUNDLED WITH
   1.13.6
