PATH
  remote: .
  specs:
    node-compiler (0.9.2)

GEM
  remote: https://rubygems.org/
  specs:
    rake (12.0.0)

PLATFORMS
  ruby
  x64-mingw32

DEPENDENCIES
  bundler (>= 1.13.3)
  node-compiler!
  rake (>= 11.3.0)

BUNDLED WITH
   1.13.7
